GEM
  remote: https://rubygems.org/
  specs:
    actioncable (6.1.0)
      actionpack (= 6.1.0)
      activesupport (= 6.1.0)
      nio4r (~> 2.0)
      websocket-driver (>= 0.6.1)
    actionmailbox (6.1.0)
      actionpack (= 6.1.0)
      activejob (= 6.1.0)
      activerecord (= 6.1.0)
      activestorage (= 6.1.0)
      activesupport (= 6.1.0)
      mail (>= 2.7.1)
    actionmailer (6.1.0)
      actionpack (= 6.1.0)
      actionview (= 6.1.0)
      activejob (= 6.1.0)
      activesupport (= 6.1.0)
      mail (~> 2.5, >= 2.5.4)
      rails-dom-testing (~> 2.0)
    actionpack (6.1.0)
      actionview (= 6.1.0)
      activesupport (= 6.1.0)
      rack (~> 2.0, >= 2.0.9)
      rack-test (>= 0.6.3)
      rails-dom-testing (~> 2.0)
      rails-html-sanitizer (~> 1.0, >= 1.2.0)
    actiontext (6.1.0)
      actionpack (= 6.1.0)
      activerecord (= 6.1.0)
      activestorage (= 6.1.0)
      activesupport (= 6.1.0)
      nokogiri (>= 1.8.5)
    actionview (6.1.0)
      activesupport (= 6.1.0)
      builder (~> 3.1)
      erubi (~> 1.4)
      rails-dom-testing (~> 2.0)
      rails-html-sanitizer (~> 1.1, >= 1.2.0)
    activejob (6.1.0)
      activesupport (= 6.1.0)
      globalid (>= 0.3.6)
    activemodel (6.1.0)
      activesupport (= 6.1.0)
    activerecord (6.1.0)
      activemodel (= 6.1.0)
      activesupport (= 6.1.0)
    activestorage (6.1.0)
      actionpack (= 6.1.0)
      activejob (= 6.1.0)
      activerecord (= 6.1.0)
      activesupport (= 6.1.0)
      marcel (~> 0.3.1)
      mimemagic (~> 0.3.2)
    activesupport (6.1.0)
      concurrent-ruby (~> 1.0, >= 1.0.2)
      i18n (>= 1.6, < 2)
      minitest (>= 5.1)
      tzinfo (~> 2.0)
      zeitwerk (~> 2.3)
    backtrack-xpath (0.1.8)
    builder (3.2.4)
    c32 (0.3.0)
    colorize (0.8.1)
    concurrent-ruby (1.1.7)
    crass (1.0.6)
    day_planner (0.1.0)
      activesupport (>= 3.0.0)
      rails (>= 3.0.0)
    diff-lcs (1.4.4)
    drb_fileclient (0.5.2)
      c32 (~> 0.1, >= 0.1.2)
      zip (~> 2.0, >= 2.0.2)
    drb_reg_client (0.2.0)
      rexle (~> 1.5, >= 1.5.8)
    dynarex (1.8.27)
      dynarex-import (~> 0.2, >= 0.2.2)
      dynarex-xslt (~> 0.1, >= 0.1.7)
      kvx (~> 0.9, >= 0.9.1)
      recordx (~> 0.5, >= 0.5.5)
      rexle-builder (~> 1.0, >= 1.0.2)
      rexslt (~> 0.7, >= 0.7.0)
      rowx (~> 0.7, >= 0.7.0)
      rxraw-lineparser (~> 0.2, >= 0.2.0)
      table-formatter (~> 0.7, >= 0.7.0)
    dynarex-import (0.2.2)
      rexslt
    dynarex-xslt (0.1.7)
    erubi (1.10.0)
    globalid (0.4.2)
      activesupport (>= 4.2.0)
    gpd-request (0.3.0)
    i18n (1.8.5)
      concurrent-ruby (~> 1.0)
    kvx (0.9.1)
      line-tree (~> 0.9, >= 0.9.1)
      rxfhelper (~> 1.0, >= 1.0.0)
    line-tree (0.9.1)
      rexle (~> 1.5, >= 1.5.2)
    loofah (2.8.0)
      crass (~> 1.0.2)
      nokogiri (>= 1.5.9)
    mail (2.7.1)
      mini_mime (>= 0.1.1)
    marcel (0.3.3)
      mimemagic (~> 0.3.2)
    method_source (1.0.0)
    mimemagic (0.3.5)
    mini_mime (1.0.2)
    mini_portile2 (2.4.0)
    minitest (5.14.2)
    mymedia_ftp (0.3.3)
    nio4r (2.5.4)
    nokogiri (1.10.10)
      mini_portile2 (~> 2.4.0)
    rack (2.2.3)
    rack-test (1.1.0)
      rack (>= 1.0, < 3)
    rails (6.1.0)
      actioncable (= 6.1.0)
      actionmailbox (= 6.1.0)
      actionmailer (= 6.1.0)
      actionpack (= 6.1.0)
      actiontext (= 6.1.0)
      actionview (= 6.1.0)
      activejob (= 6.1.0)
      activemodel (= 6.1.0)
      activerecord (= 6.1.0)
      activestorage (= 6.1.0)
      activesupport (= 6.1.0)
      bundler (>= 1.15.0)
      railties (= 6.1.0)
      sprockets-rails (>= 2.0.0)
    rails-dom-testing (2.0.3)
      activesupport (>= 4.2.0)
      nokogiri (>= 1.6)
    rails-html-sanitizer (1.3.0)
      loofah (~> 2.3)
    railties (6.1.0)
      actionpack (= 6.1.0)
      activesupport (= 6.1.0)
      method_source
      rake (>= 0.8.7)
      thor (~> 1.0)
    rake (13.0.1)
    rdiscount (2.2.0.2)
    recordx (0.5.5)
      rexle (~> 1.5, >= 1.5.6)
    remote_dwsregistry (0.4.1)
      gpd-request (~> 0.3, >= 0.3.0)
      requestor (~> 0.2, >= 0.2.1)
      rexle (~> 1.4, >= 1.4.13)
    requestor (0.3.1)
    rexle (1.5.9)
      backtrack-xpath (~> 0.1, >= 0.1.8)
      c32 (~> 0.2, >= 0.2.0)
      rexle-builder (~> 1.0, >= 1.0.2)
      rexle-css (~> 0.2, >= 0.2.0)
      rexleparser (~> 0.9, >= 0.9.3)
    rexle-builder (1.0.2)
    rexle-css (0.2.0)
    rexleparser (0.9.6)
    rexslt (0.7.0)
      rexle (~> 1.4, >= 1.4.12)
      rxfhelper (~> 1.0, >= 1.0.0)
    rowx (0.7.4)
      line-tree (~> 0.9, >= 0.9.1)
    rsc (0.4.5)
      rexle (~> 1.5, >= 1.5.1)
    rspec (3.10.0)
      rspec-core (~> 3.10.0)
      rspec-expectations (~> 3.10.0)
      rspec-mocks (~> 3.10.0)
    rspec-core (3.10.0)
      rspec-support (~> 3.10.0)
    rspec-expectations (3.10.0)
      diff-lcs (>= 1.2.0, < 2.0)
      rspec-support (~> 3.10.0)
    rspec-mocks (3.10.0)
      diff-lcs (>= 1.2.0, < 2.0)
      rspec-support (~> 3.10.0)
    rspec-support (3.10.0)
    rxfhelper (1.1.3)
      drb_fileclient (~> 0.5, >= 0.5.2)
      drb_reg_client (~> 0.2, >= 0.2.0)
      mymedia_ftp (~> 0.3, >= 0.3.0)
      remote_dwsregistry (~> 0.4, >= 0.4.1)
      rsc (~> 0.4, >= 0.4.4)
    rxraw-lineparser (0.2.0)
    sprockets (4.0.2)
      concurrent-ruby (~> 1.0)
      rack (> 1, < 3)
    sprockets-rails (3.2.2)
      actionpack (>= 4.0)
      activesupport (>= 4.0)
      sprockets (>= 3.0.0)
    table-formatter (0.7.0)
      c32 (~> 0.2, >= 0.2.0)
      rdiscount (~> 2.2, >= 2.2.0.1)
    terminal-table (2.0.0)
      unicode-display_width (~> 1.1, >= 1.1.1)
    thor (1.0.1)
    tzinfo (2.0.4)
      concurrent-ruby (~> 1.0)
    unicode-display_width (1.7.0)
    websocket-driver (0.7.3)
      websocket-extensions (>= 0.1.0)
    websocket-extensions (0.1.5)
    weekly_planner (0.4.3)
      dynarex (~> 1.7, >= 1.7.14)
    zeitwerk (2.4.2)
    zip (2.0.2)

PLATFORMS
  x86_64-darwin-19

DEPENDENCIES
  colorize (~> 0.8.1)
  day_planner
  rspec
  terminal-table
  weekly_planner

BUNDLED WITH
   2.2.1
